GEM
  remote: https://rubygems.org/
  specs:
    ast (2.4.0)
    byebug (11.1.1)
    coderay (1.1.2)
    daemons (1.3.1)
    eventmachine (1.2.7)
    ffi (1.12.2)
    jaro_winkler (1.5.4)
    listen (3.2.1)
      rb-fsevent (~> 0.10, >= 0.10.3)
      rb-inotify (~> 0.9, >= 0.9.10)
    method_source (0.9.2)
    mustermann (1.1.1)
      ruby2_keywords (~> 0.0.1)
    parallel (1.19.1)
    parser (2.7.0.3)
      ast (~> 2.4.0)
    pry (0.12.2)
      coderay (~> 1.1.0)
      method_source (~> 0.9.0)
    pry-byebug (3.8.0)
      byebug (~> 11.0)
      pry (~> 0.10)
    pry-doc (1.0.0)
      pry (~> 0.11)
      yard (~> 0.9.11)
    rack (2.2.6.3)
    rack-protection (2.0.8.1)
      rack
    rainbow (3.0.0)
    rb-fsevent (0.10.3)
    rb-inotify (0.10.1)
      ffi (~> 1.0)
    rerun (0.13.0)
      listen (~> 3.0)
    rubocop (0.79.0)
      jaro_winkler (~> 1.5.1)
      parallel (~> 1.10)
      parser (>= 2.7.0.1)
      rainbow (>= 2.2.2, < 4.0)
      ruby-progressbar (~> 1.7)
      unicode-display_width (>= 1.4.0, < 1.7)
    rubocop-performance (1.5.2)
      rubocop (>= 0.71.0)
    ruby-progressbar (1.10.1)
    ruby2_keywords (0.0.2)
    sinatra (2.0.8.1)
      mustermann (~> 1.0)
      rack (~> 2.0)
      rack-protection (= 2.0.8.1)
      tilt (~> 2.0)
    standard (0.1.10)
      rubocop (~> 0.79.0)
      rubocop-performance (~> 1.5.1)
    thin (1.7.2)
      daemons (~> 1.0, >= 1.0.9)
      eventmachine (~> 1.0, >= 1.0.4)
      rack (>= 1, < 3)
    tilt (2.0.10)
    unicode-display_width (1.6.1)
    yard (0.9.24)

PLATFORMS
  ruby

DEPENDENCIES
  pry (~> 0.12, >= 0.12.2)
  pry-byebug (~> 3.4)
  pry-doc (~> 1.0)
  rerun (~> 0.13.0)
  sinatra (~> 2.0, >= 2.0.8.1)
  standard (~> 0.1.10)
  thin (~> 1.7, >= 1.7.2)

BUNDLED WITH
   2.0.1
